GIT
  remote: git://github.com/futuresimple/gaminator.git
  revision: 9eabacfbea37669dd94e9d5f7df293609b94d96b
  specs:
    gaminator (0.0.5)

GEM
  remote: http://rubygems.org/
  specs:
    columnize (0.3.6)
    debugger (1.1.4)
      columnize (>= 0.3.1)
      debugger-linecache (~> 1.1.1)
      debugger-ruby_core_source (~> 1.1.3)
    debugger-linecache (1.1.1)
      debugger-ruby_core_source (>= 1.1.1)
    debugger-ruby_core_source (1.1.3)

PLATFORMS
  ruby

DEPENDENCIES
  debugger
  gaminator!
